GEM
  specs:
    httpclient (2.6.0.1)
    minitest (5.5.1)
    minitest-rg (5.1.0)
      minitest (~> 5.0)
    rack (1.6.0)
    rack-test (0.6.3)
      rack (>= 1.0)

PLATFORMS
  ruby

DEPENDENCIES
  httpclient
  minitest
  minitest-rg
  rack-test
